GEM
  remote: https://rubygems.org/
  specs:
    bacon (1.2.0)
    rack (1.6.0)
    rack-protection (1.5.3)
      rack
    sequel (4.18.0)
    sinatra (1.4.5)
      rack (~> 1.4)
      rack-protection (~> 1.4)
      tilt (~> 1.3, >= 1.3.4)
    sinatra-sequel (0.9.0)
      bacon
      sequel (>= 3.2.0)
      sinatra (>= 0.9.4)
    tilt (1.4.1)

PLATFORMS
  ruby

DEPENDENCIES
  sequel
  sinatra
  sinatra-sequel
